GIT
  remote: git://github.com/talis/bootstrap-sass.git
  revision: cf9a9b181fdf8aac547b90e2bed905ac7d29c3ea
  tag: 3.3.6-talis.10
  specs:
    bootstrap-sass (3.3.6)
      autoprefixer-rails (>= 5.2.1)
      sass (>= 3.3.4)

GEM
  remote: https://rubygems.org/
  specs:
    autoprefixer-rails (6.6.1)
      execjs
    execjs (2.7.0)
    sass (3.4.23)

PLATFORMS
  ruby

DEPENDENCIES
  bootstrap-sass!

BUNDLED WITH
   1.13.7
